PATH
  remote: .
  specs:
    overpass-doc (0.0.1)
      json (~> 2.5.1)
      redcarpet (~> 3.5.1)

GEM
  remote: https://rubygems.org/
  specs:
    json (2.5.1)
    redcarpet (3.5.1)

PLATFORMS
  ruby

DEPENDENCIES
  overpass-doc!

BUNDLED WITH
   2.1.2
