PATH
  remote: .
  specs:
    overpass-doc (0.0.4)
      json (~> 2.5.1)
      redcarpet (~> 3.5.1)

GEM
  remote: https://rubygems.org/
  specs:
    diff-lcs (1.4.4)
    fakefs (1.3.2)
    json (2.5.1)
    redcarpet (3.5.1)
    rspec (3.10.0)
      rspec-core (~> 3.10.0)
      rspec-expectations (~> 3.10.0)
      rspec-mocks (~> 3.10.0)
    rspec-core (3.10.1)
      rspec-support (~> 3.10.0)
    rspec-expectations (3.10.1)
      diff-lcs (>= 1.2.0, < 2.0)
      rspec-support (~> 3.10.0)
    rspec-mocks (3.10.2)
      diff-lcs (>= 1.2.0, < 2.0)
      rspec-support (~> 3.10.0)
    rspec-support (3.10.2)

PLATFORMS
  ruby

DEPENDENCIES
  fakefs (~> 1.3.2)
  overpass-doc!
  rspec (~> 3.0)

BUNDLED WITH
   2.1.2
